GIT
  remote: git://github.com/rodjek/librarian-puppet.git
  revision: 772a9b27718aeee2d21521539c90a27a1e08be71
  ref: 772a9b27718aeee2d21521539c90a27a1e08be71
  specs:
    librarian-puppet (0.9.10)
      librarian (>= 0.1.1)

GIT
  remote: git://github.com/rodjek/puppet-lint.git
  revision: a4bb1e85c367dfb1137b1357c67ef2609c63ed9c
  ref: a4bb1e85c367dfb1137b1357c67ef2609c63ed9c
  specs:
    puppet-lint (0.4.0.pre1)

GEM
  remote: https://rubygems.org/
  specs:
    CFPropertyList (2.2.6)
    beaker (1.6.2)
      blimpy (~> 0.6)
      fission (~> 0.4)
      inifile (~> 2.0)
      json (~> 1.8)
      mime-types (~> 1.25)
      net-scp (~> 1.1)
      net-ssh (~> 2.6)
      nokogiri (= 1.5.10)
      rbvmomi (= 1.8.1)
      unf (~> 0.1)
    beaker-rspec (2.1.1)
      beaker (~> 1.3)
      rspec (~> 2.14)
      serverspec (~> 0.14)
      specinfra (~> 0.3)
    blimpy (0.6.7)
      fog
      minitar
      thor
    builder (3.2.2)
    diff-lcs (1.2.5)
    excon (0.31.0)
    facter (1.7.4)
    fission (0.5.0)
      CFPropertyList (~> 2.2)
    fog (1.19.0)
      builder
      excon (~> 0.31.0)
      formatador (~> 0.2.0)
      mime-types
      multi_json (~> 1.0)
      net-scp (~> 1.1)
      net-ssh (>= 2.1.3)
      nokogiri (~> 1.5)
      ruby-hmac
    formatador (0.2.4)
    hiera (1.3.1)
      json_pure
    highline (1.6.20)
    inifile (2.0.2)
    json (1.8.1)
    json_pure (1.8.1)
    librarian (0.1.1)
      highline
      thor (~> 0.15)
    mime-types (1.25.1)
    minitar (0.5.4)
    multi_json (1.8.4)
    net-scp (1.1.2)
      net-ssh (>= 2.6.5)
    net-ssh (2.8.0)
    nokogiri (1.5.10)
    puppet (3.4.2)
      facter (~> 1.6)
      hiera (~> 1.0)
      rgen (~> 0.6.5)
    puppet-blacksmith (2.0.2)
      nokogiri
      puppet (>= 2.7.16)
      rest-client
    rake (10.0.0)
    rbvmomi (1.8.1)
      builder
      nokogiri (>= 1.4.1)
      trollop
    rest-client (1.6.7)
      mime-types (>= 1.16)
    rgen (0.6.6)
    rspec (2.14.1)
      rspec-core (~> 2.14.0)
      rspec-expectations (~> 2.14.0)
      rspec-mocks (~> 2.14.0)
    rspec-core (2.14.7)
    rspec-expectations (2.14.5)
      diff-lcs (>= 1.1.3, < 2.0)
    rspec-mocks (2.14.5)
    rspec-puppet (1.0.1)
      rspec
    ruby-hmac (0.4.0)
    serverspec (0.15.1)
      highline
      net-ssh
      rspec (>= 2.13.0)
      specinfra (>= 0.5.4)
    specinfra (0.5.4)
    thor (0.18.1)
    trollop (2.0)
    unf (0.1.3)
      unf_ext
    unf_ext (0.0.6)
    yarjuf (1.0.4)
      builder
      rspec (>= 2.0)

PLATFORMS
  ruby

DEPENDENCIES
  beaker-rspec
  librarian-puppet!
  puppet (~> 3.4.0)
  puppet-blacksmith
  puppet-lint!
  rake (= 10.0)
  rspec (~> 2.14.0)
  rspec-puppet (= 1.0.1)
  yarjuf (= 1.0.4)
